GEM
  remote: http://rubygems.org/
  specs:
    amq-client (0.9.4)
      amq-protocol (>= 0.9.4)
      eventmachine
    amq-protocol (0.9.5)
    amqp (0.9.7)
      amq-client (~> 0.9.4)
      amq-protocol (>= 0.9.4)
      eventmachine
    eventmachine (1.0.0-java)

PLATFORMS
  java

DEPENDENCIES
  amqp
